GEM
  remote: https://rubygems.org/
  specs:
    ast (2.4.2)
    bigdecimal (3.1.8)
    debug (1.9.1)
      irb (~> 1.10)
      reline (>= 0.3.8)
    erubi (1.13.0)
    gdbm (2.1.0)
    gruff (0.25.0)
      bigdecimal (>= 3.0)
      histogram
      rmagick (>= 5.5)
    histogram (0.2.4.1)
    io-console (0.7.2)
    irb (1.11.1)
      rdoc
      reline (>= 0.4.2)
    json (2.7.1)
    language_server-protocol (3.17.0.3)
    netrc (0.11.0)
    observer (0.1.2)
    parallel (1.24.0)
    parser (3.3.0.5)
      ast (~> 2.4.1)
      racc
    pkg-config (1.5.6)
    prism (1.2.0)
    psych (5.1.2)
      stringio
    racc (1.7.3)
    rainbow (3.1.1)
    rbi (0.2.1)
      prism (~> 1.0)
      sorbet-runtime (>= 0.5.9204)
    rdoc (6.6.2)
      psych (>= 4.0.0)
    regexp_parser (2.9.0)
    reline (0.4.2)
      io-console (~> 0.5)
    rexml (3.2.6)
    rmagick (6.0.1)
      observer (~> 0.1)
      pkg-config (~> 1.4)
    rubocop (1.60.2)
      json (~> 2.3)
      language_server-protocol (>= 3.17.0)
      parallel (~> 1.10)
      parser (>= 3.3.0.2)
      rainbow (>= 2.2.2, < 4.0)
      regexp_parser (>= 1.8, < 3.0)
      rexml (>= 3.2.5, < 4.0)
      rubocop-ast (>= 1.30.0, < 2.0)
      ruby-progressbar (~> 1.7)
      unicode-display_width (>= 2.4.0, < 3.0)
    rubocop-ast (1.30.0)
      parser (>= 3.2.1.0)
    ruby-progressbar (1.13.0)
    sorbet (0.5.11610)
      sorbet-static (= 0.5.11610)
    sorbet-runtime (0.5.11610)
    sorbet-static (0.5.11610-universal-darwin)
    sorbet-static-and-runtime (0.5.11610)
      sorbet (= 0.5.11610)
      sorbet-runtime (= 0.5.11610)
    spoom (1.5.0)
      erubi (>= 1.10.0)
      prism (>= 0.28.0)
      sorbet-static-and-runtime (>= 0.5.10187)
      thor (>= 0.19.2)
    stringio (3.1.0)
    tapioca (0.16.3)
      bundler (>= 2.2.25)
      netrc (>= 0.11.0)
      parallel (>= 1.21.0)
      rbi (~> 0.2)
      sorbet-static-and-runtime (>= 0.5.11087)
      spoom (>= 1.2.0)
      thor (>= 1.2.0)
      yard-sorbet
    thor (1.3.2)
    unicode-display_width (2.5.0)
    yard (0.9.37)
    yard-sorbet (0.9.0)
      sorbet-runtime
      yard

PLATFORMS
  x86_64-darwin-22
  x86_64-darwin-23

DEPENDENCIES
  debug
  gdbm
  gruff
  rubocop (~> 1.60)
  sorbet
  sorbet-runtime
  tapioca

RUBY VERSION
   ruby 3.3.3p89

BUNDLED WITH
   2.4.12
