GEM
  remote: https://rubygems.org/
  specs:
    ast (2.4.2)
    bigdecimal (3.1.8)
    coderay (1.1.3)
    colorize (1.1.0)
    date (3.4.1)
    debug (1.10.0)
      irb (~> 1.10)
      reline (>= 0.3.8)
    erubi (1.13.1)
    gruff (0.25.0)
      bigdecimal (>= 3.0)
      histogram
      rmagick (>= 5.5)
    histogram (0.2.4.1)
    io-console (0.8.0)
    irb (1.14.3)
      rdoc (>= 4.0.0)
      reline (>= 0.4.2)
    json (2.9.1)
    language_server-protocol (3.17.0.3)
    logger (1.6.4)
    netrc (0.11.0)
    observer (0.1.2)
    parallel (1.26.3)
    parser (3.3.6.0)
      ast (~> 2.4.1)
      racc
    pkg-config (1.5.8)
    prism (1.3.0)
    psych (5.2.2)
      date
      stringio
    racc (1.8.1)
    rainbow (3.1.1)
    rbi (0.2.2)
      prism (~> 1.0)
      sorbet-runtime (>= 0.5.9204)
    rbs (3.7.0)
      logger
    rdoc (6.10.0)
      psych (>= 4.0.0)
    readline (0.0.4)
      reline
    regexp_parser (2.9.3)
    reline (0.6.0)
      io-console (~> 0.5)
    rmagick (6.0.1)
      observer (~> 0.1)
      pkg-config (~> 1.4)
    rubocop (1.69.2)
      json (~> 2.3)
      language_server-protocol (>= 3.17.0)
      parallel (~> 1.10)
      parser (>= 3.3.0.2)
      rainbow (>= 2.2.2, < 4.0)
      regexp_parser (>= 2.9.3, < 3.0)
      rubocop-ast (>= 1.36.2, < 2.0)
      ruby-progressbar (~> 1.7)
      unicode-display_width (>= 2.4.0, < 4.0)
    rubocop-ast (1.37.0)
      parser (>= 3.3.1.0)
    ruby-progressbar (1.13.0)
    ruby-sfst (0.4.4)
    sorbet (0.5.11708)
      sorbet-static (= 0.5.11708)
    sorbet-runtime (0.5.11708)
    sorbet-static (0.5.11708-aarch64-linux)
    sorbet-static (0.5.11708-universal-darwin)
    sorbet-static (0.5.11708-x86_64-linux)
    sorbet-static-and-runtime (0.5.11708)
      sorbet (= 0.5.11708)
      sorbet-runtime (= 0.5.11708)
    spoom (1.5.0)
      erubi (>= 1.10.0)
      prism (>= 0.28.0)
      sorbet-static-and-runtime (>= 0.5.10187)
      thor (>= 0.19.2)
    stringio (3.1.2)
    tapioca (0.16.5)
      bundler (>= 2.2.25)
      netrc (>= 0.11.0)
      parallel (>= 1.21.0)
      rbi (~> 0.2)
      sorbet-static-and-runtime (>= 0.5.11087)
      spoom (>= 1.2.0)
      thor (>= 1.2.0)
      yard-sorbet
    thor (1.3.2)
    unicode-display_width (3.1.2)
      unicode-emoji (~> 4.0, >= 4.0.4)
    unicode-emoji (4.0.4)
    yard (0.9.37)
    yard-sorbet (0.9.0)
      sorbet-runtime
      yard

PLATFORMS
  aarch64-linux
  universal-darwin
  x86_64-linux

DEPENDENCIES
  coderay
  colorize
  debug
  gruff
  rbs
  readline
  reline
  rubocop (~> 1.69)
  ruby-sfst
  sorbet
  sorbet-runtime
  tapioca

RUBY VERSION
   ruby 3.3.6p108

BUNDLED WITH
   2.5.22
